GEM
  specs:
    builder (3.1.4)
    expression_parser (0.9.0)
    rack (1.5.2)
    rack-protection (1.5.0)
      rack
    rinku (1.7.3)
    sass (3.3.4)
    sinatra (1.3.6)
      rack (~> 1.4)
      rack-protection (~> 1.3)
      tilt (~> 1.3, >= 1.3.3)
    susy (2.1.2)
      sass (~> 3.3.0)
    tilt (1.4.1)
    wikicloth (0.8.1)
      builder
      expression_parser
      rinku
    wikipedia-client (1.3.3)

PLATFORMS
  ruby

DEPENDENCIES
  sass
  sinatra
  susy
  wikicloth
  wikipedia-client
